{
    "Modality": "MR",
    "MagneticFieldStrength": 3,
    "Manufacturer": "Siemens",
    "ManufacturersModelName": "TrioTim",
    "DeviceSerialNumber": "35177",
    "BodyPartExamined": "HEAD",
    "PatientPosition": "HFS",
    "SoftwareVersions": "syngo_MR_B13_4VB13A",
    "MRAcquisitionType": "2D",
    "SeriesDescription": "ep2d_dif_25dir_av1",
    "ScanningSequence": "EP",
    "SequenceVariant": "SK_SP",
    "ScanOptions": "PFP_FS",
    "SequenceName": "_ep_b0",
    "ImageType": [
        "ORIGINAL",
        "PRIMARY",
        "M",
        "ND",
        "MOSAIC"
    ],
    "AcquisitionTime": "09:57:7.292500",
    "AcquisitionNumber": 1,
    "SliceThickness": 2,
    "SpacingBetweenSlices": 2,
    "SAR": 0.133272,
    "EchoTime": 0.102,
    "RepetitionTime": 9.9,
    "FlipAngle": 90,
    "PartialFourier": 0.75,
    "BaseResolution": 96,
    "ShimSetting": [
        -205,
        -19745,
        7967,
        421,
        -111,
        178,
        -128,
        -117
    ],
    "TxRefAmp": 222.022,
    "PhaseResolution": 1,
    "ReceiveCoilName": "HeadMatrix",
    "PulseSequenceDetails": "%SiemensSeq%_ep2d_diff",
    "PercentPhaseFOV": 100,
    "PhaseEncodingSteps": 72,
    "AcquisitionMatrixPE": 96,
    "ReconMatrixPE": 96,
    "BandwidthPerPixelPhaseEncode": 10.522,
    "EffectiveEchoSpacing": 0.000989989,
    "DerivedVendorReportedEchoSpacing": 0.000989989,
    "TotalReadoutTime": 0.094049,
    "PixelBandwidth": 1085,
    "DwellTime": 4.8e-06,
    "PhaseEncodingDirection": "j-",
    "ImageOrientationPatientDICOM": [
        1,
        0,
        0,
        0,
        1,
        0
    ],
    "InPlanePhaseEncodingDirectionDICOM": "COL",
    "ConversionSoftware": "dcm2niix",
    "ConversionSoftwareVersion": "v1.0.20171017 GCC4.4.7"
}